GEM
  remote: https://rubygems.org/
  specs:
    benchmark-ips (2.7.2)
    diff-lcs (1.3)
    memory_profiler (0.9.14)
    multi_json (1.13.1)
    rspec (3.8.0)
      rspec-core (~> 3.8.0)
      rspec-expectations (~> 3.8.0)
      rspec-mocks (~> 3.8.0)
    rspec-core (3.8.2)
      rspec-support (~> 3.8.0)
    rspec-expectations (3.8.4)
      diff-lcs (>= 1.2.0, < 2.0)
      rspec-support (~> 3.8.0)
    rspec-mocks (3.8.1)
      diff-lcs (>= 1.2.0, < 2.0)
      rspec-support (~> 3.8.0)
    rspec-support (3.8.2)
    ruby-prof (1.0.0)

PLATFORMS
  ruby

DEPENDENCIES
  benchmark-ips
  memory_profiler
  multi_json
  rspec
  ruby-prof

RUBY VERSION
   ruby 2.6.3p62

BUNDLED WITH
   1.17.3
